GIT
  remote: https://github.com/eventmachine/eventmachine
  revision: 9473a1b181ed1997e3156d960b2bb2783f508191
  specs:
    eventmachine (1.0.0.rc.4)

PATH
  remote: .
  specs:
    em-process-buffer (0.0.1)
      eventmachine (~> 1.0.0.rc.4)
      posix-spawn (~> 0.3.6)

GEM
  remote: https://rubygems.org/
  specs:
    posix-spawn (0.3.6)

PLATFORMS
  ruby

DEPENDENCIES
  em-process-buffer!
  eventmachine!
  posix-spawn (= 0.3.6)
